GIT
  remote: https://github.com/Roman2K/metacli.git
  revision: 02f34bfcf78c4540e62588a3200e9295ba9b72e8
  specs:
    metacli (0.1.0)

GIT
  remote: https://github.com/Roman2K/utils-ruby.git
  revision: a4f8b05d13905c87ba73ad36ba4a17a4ecb23325
  specs:
    utils-ruby (0.1.0)

GEM
  remote: https://rubygems.org/
  specs:
    minitest (5.14.0)

PLATFORMS
  ruby

DEPENDENCIES
  metacli!
  minitest
  utils-ruby!

BUNDLED WITH
   2.1.4
