GIT
  remote: https://github.com/Roman2K/metacli.git
  revision: 02f34bfcf78c4540e62588a3200e9295ba9b72e8
  specs:
    metacli (0.1.0)

GIT
  remote: https://github.com/Roman2K/utils-ruby.git
  revision: f40143770826d6f76daca1e5b8dd98cc80f938e8
  specs:
    utils-ruby (0.1.0)
      net_http_unix (~> 0.2)

GEM
  remote: https://rubygems.org/
  specs:
    coderay (1.1.3)
    method_source (1.0.0)
    minitest (5.14.4)
    net_http_unix (0.2.2)
    pry (0.13.1)
      coderay (~> 1.1)
      method_source (~> 1.0)

PLATFORMS
  ruby

DEPENDENCIES
  metacli!
  minitest
  pry
  utils-ruby!

BUNDLED WITH
   2.2.15
