GIT
  remote: https://github.com/Roman2K/metacli.git
  revision: 02f34bfcf78c4540e62588a3200e9295ba9b72e8
  specs:
    metacli (0.1.0)

GIT
  remote: https://github.com/Roman2K/utils-ruby.git
  revision: 28db43bdb33c12e4b1829a70f121bc9b972e924b
  specs:
    utils-ruby (0.1.0)
      net_http_unix (~> 0.2)

GEM
  remote: https://rubygems.org/
  specs:
    coderay (1.1.3)
    method_source (1.0.0)
    minitest (5.14.0)
    net_http_unix (0.2.2)
    pry (0.13.1)
      coderay (~> 1.1)
      method_source (~> 1.0)

PLATFORMS
  ruby

DEPENDENCIES
  metacli!
  minitest
  pry
  utils-ruby!

BUNDLED WITH
   2.1.4
